GEM
  remote: https://rubygems.org/
  specs:
    stomp (1.4.10)

PLATFORMS
  ruby

DEPENDENCIES
  stomp (~> 1.4)

BUNDLED WITH
   2.1.4
